GEM
  remote: http://rubygems.org/
  remote: http://gems.github.com/
  specs:
    dotenv (0.11.1)
      dotenv-deployment (~> 0.0.2)
    dotenv-deployment (0.0.2)

PLATFORMS
  ruby

DEPENDENCIES
  dotenv

BUNDLED WITH
   1.10.6
